GEM
  remote: https://rubygems.org/
  specs:
    minitest (5.8.4)
    racc (1.4.14)
    rake (10.5.0)
    thor (0.19.1)

PLATFORMS
  ruby

DEPENDENCIES
  minitest
  racc (~> 1.4)
  rake
  thor

BUNDLED WITH
   1.10.6
