GEM
  remote: https://rubygems.org/
  specs:
    racc (1.4.14)

PLATFORMS
  ruby

DEPENDENCIES
  racc (~> 1.4)

BUNDLED WITH
   1.10.6
